PATH
  remote: .
  specs:
    ib-ruby (0.9.2)
      activerecord (>= 3.2.0)
      bundler (>= 1.1.3)
      standalone_migrations
      xml-simple (>= 1.1.1)

GEM
  remote: https://rubygems.org/
  specs:
    actionmailer (3.2.22)
      actionpack (= 3.2.22)
      mail (~> 2.5.4)
    actionpack (3.2.22)
      activemodel (= 3.2.22)
      activesupport (= 3.2.22)
      builder (~> 3.0.0)
      erubis (~> 2.7.0)
      journey (~> 1.0.4)
      rack (~> 1.4.5)
      rack-cache (~> 1.2)
      rack-test (~> 0.6.1)
      sprockets (~> 2.2.1)
    activemodel (3.2.22)
      activesupport (= 3.2.22)
      builder (~> 3.0.0)
    activerecord (3.2.22)
      activemodel (= 3.2.22)
      activesupport (= 3.2.22)
      arel (~> 3.0.2)
      tzinfo (~> 0.3.29)
    activerecord-jdbc-adapter (1.3.17)
      activerecord (>= 2.2)
    activerecord-jdbcsqlite3-adapter (1.3.17)
      activerecord-jdbc-adapter (~> 1.3.17)
      jdbc-sqlite3 (>= 3.7.2, < 3.9)
    activeresource (3.2.22)
      activemodel (= 3.2.22)
      activesupport (= 3.2.22)
    activesupport (3.2.22)
      i18n (~> 0.6, >= 0.6.4)
      multi_json (~> 1.0)
    arel (3.0.3)
    backports (3.6.4)
    builder (3.0.4)
    database_cleaner (1.4.1)
    diff-lcs (1.1.3)
    erubis (2.7.0)
    getopt (1.4.2)
    hike (1.2.3)
    i18n (0.7.0)
    jdbc-sqlite3 (3.8.10.1)
    journey (1.0.4)
    jquery-rails (3.1.3)
      railties (>= 3.0, < 5.0)
      thor (>= 0.14, < 2.0)
    json (1.8.3)
    json (1.8.3-java)
    mail (2.5.4)
      mime-types (~> 1.16)
      treetop (~> 1.4.8)
    mime-types (1.25.1)
    multi_json (1.11.1)
    my_scripts (0.1.15)
      bundler (>= 1.0.0)
    polyglot (0.3.5)
    rack (1.4.7)
    rack-cache (1.2)
      rack (>= 0.4)
    rack-ssl (1.3.4)
      rack
    rack-test (0.6.3)
      rack (>= 1.0)
    rails (3.2.22)
      actionmailer (= 3.2.22)
      actionpack (= 3.2.22)
      activerecord (= 3.2.22)
      activeresource (= 3.2.22)
      activesupport (= 3.2.22)
      bundler (~> 1.0)
      railties (= 3.2.22)
    railties (3.2.22)
      actionpack (= 3.2.22)
      activesupport (= 3.2.22)
      rack-ssl (~> 1.3.2)
      rake (>= 0.8.7)
      rdoc (~> 3.4)
      thor (>= 0.14.6, < 2.0)
    rake (10.4.2)
    rdoc (3.12.2)
      json (~> 1.4)
    rspec (2.10.0)
      rspec-core (~> 2.10.0)
      rspec-expectations (~> 2.10.0)
      rspec-mocks (~> 2.10.0)
    rspec-core (2.10.1)
    rspec-expectations (2.10.0)
      diff-lcs (~> 1.1.3)
    rspec-its (1.0.0.pre)
    rspec-mocks (2.10.1)
    rspec-rails (2.10.1)
      actionpack (>= 3.0)
      activesupport (>= 3.0)
      railties (>= 3.0)
      rspec (~> 2.10.0)
    sprockets (2.2.3)
      hike (~> 1.2)
      multi_json (~> 1.0)
      rack (~> 1.0)
      tilt (~> 1.1, != 1.3.0)
    sqlite3 (1.3.10)
    standalone_migrations (2.1.5)
      activerecord (~> 3.2)
      railties (~> 3.2)
      rake (~> 10.0)
    thor (0.19.1)
    tilt (1.4.1)
    treetop (1.4.15)
      polyglot
      polyglot (>= 0.3.1)
    tzinfo (0.3.44)
    xml-simple (1.1.5)

PLATFORMS
  java
  ruby

DEPENDENCIES
  activerecord-jdbcsqlite3-adapter (>= 1.2.2)
  backports
  database_cleaner (>= 0.7.2)
  getopt
  ib-ruby!
  jdbc-sqlite3 (>= 3.7.2)
  jquery-rails
  json (~> 1.8.3)
  my_scripts
  rails (~> 3.2.3)
  rspec (>= 2.10.0)
  rspec-its (~> 1.0.0.pre)
  rspec-rails (~> 2.10.1)
  sqlite3 (> 1.3.3)

BUNDLED WITH
   1.10.5
